GEM
  remote: http://rubygems.org/
  specs:
    bson (1.7.0)
    bson_ext (1.7.0)
      bson (~> 1.7.0)
    haml (3.1.7)
    mongo (1.7.0)
      bson (~> 1.7.0)
    rack (1.4.1)
    rack-protection (1.2.0)
      rack
    sass (3.2.1)
    sinatra (1.3.3)
      rack (~> 1.3, >= 1.3.6)
      rack-protection (~> 1.2)
      tilt (~> 1.3, >= 1.3.3)
    tilt (1.3.3)

PLATFORMS
  ruby

DEPENDENCIES
  bson
  bson_ext
  haml
  mongo
  sass
  sinatra
